GIT
  remote: https://github.com/natebeaty/onix.git
  revision: d714448a5f36faec77ba62c17fd54ee6bbf355b6
  ref: d714448a5f36faec77ba62c17fd54ee6bbf355b6
  branch: master
  specs:
    onix (0.10.1)
      activesupport (~> 6.0.2)
      i18n (~> 1.8.2)
      nokogiri (~> 1.10.9)
      roxml (~> 4.0)

GEM
  remote: https://rubygems.org/
  specs:
    activesupport (6.0.6.1)
      concurrent-ruby (~> 1.0, >= 1.0.2)
      i18n (>= 0.7, < 2)
      minitest (~> 5.1)
      tzinfo (~> 1.1)
      zeitwerk (~> 2.2, >= 2.2.2)
    backports (3.17.0)
    concurrent-ruby (1.1.10)
    dotenv (2.7.5)
    i18n (1.8.11)
      concurrent-ruby (~> 1.0)
    mini_portile2 (2.4.0)
    minitest (5.17.0)
    multi_json (1.14.1)
    mustermann (1.1.1)
      ruby2_keywords (~> 0.0.1)
    nio4r (2.5.4)
    nokogiri (1.10.9)
      mini_portile2 (~> 2.4.0)
    puma (4.3.6)
      nio4r (~> 2.0)
    rack (2.2.2)
    rack-protection (2.0.8.1)
      rack
    roxml (4.0.0)
      activesupport (>= 4.0)
      nokogiri (>= 1.3.3)
    ruby2_keywords (0.0.2)
    sinatra (2.0.8.1)
      mustermann (~> 1.0)
      rack (~> 2.0)
      rack-protection (= 2.0.8.1)
      tilt (~> 2.0)
    sinatra-contrib (2.0.8.1)
      backports (>= 2.8.2)
      multi_json
      mustermann (~> 1.0)
      rack-protection (= 2.0.8.1)
      sinatra (= 2.0.8.1)
      tilt (~> 2.0)
    thread_safe (0.3.6)
    tilt (2.0.10)
    tzinfo (1.2.10)
      thread_safe (~> 0.1)
    zeitwerk (2.6.6)

PLATFORMS
  ruby

DEPENDENCIES
  dotenv
  onix!
  puma (~> 4.1)
  sinatra
  sinatra-contrib

BUNDLED WITH
   2.1.4
