GIT
  remote: git://github.com/natebeaty/onix.git
  revision: 7def577d0fb55168d0ca47480460165dc738dcd1
  ref: 7def577d0fb55168d0ca47480460165dc738dcd1
  branch: master
  specs:
    onix (0.10.0)
      activesupport (~> 3.2)
      i18n (~> 0.7)
      nokogiri (~> 1.6)
      roxml (~> 3.3)

GEM
  remote: https://rubygems.org/
  specs:
    activesupport (3.2.22.5)
      i18n (~> 0.6, >= 0.6.4)
      multi_json (~> 1.0)
    backports (3.11.4)
    concurrent-ruby (1.1.5)
    dotenv (2.5.0)
    i18n (0.9.5)
      concurrent-ruby (~> 1.0)
    mini_portile2 (2.4.0)
    multi_json (1.13.1)
    mustermann (1.0.3)
    nokogiri (1.10.8)
      mini_portile2 (~> 2.4.0)
    rack (2.0.6)
    rack-protection (2.0.5)
      rack
    roxml (3.3.1)
      activesupport (>= 2.3.0)
      nokogiri (>= 1.3.3)
    sinatra (2.0.5)
      mustermann (~> 1.0)
      rack (~> 2.0)
      rack-protection (= 2.0.5)
      tilt (~> 2.0)
    sinatra-contrib (2.0.5)
      backports (>= 2.8.2)
      multi_json
      mustermann (~> 1.0)
      rack-protection (= 2.0.5)
      sinatra (= 2.0.5)
      tilt (>= 1.3, < 3)
    tilt (2.0.9)

PLATFORMS
  ruby

DEPENDENCIES
  dotenv
  onix!
  sinatra
  sinatra-contrib

BUNDLED WITH
   1.17.2
